GEM
  remote: http://rubygems.org/
  specs:
    activesupport (4.2.11.3)
      i18n (~> 0.7)
      minitest (~> 5.1)
      thread_safe (~> 0.3, >= 0.3.4)
      tzinfo (~> 1.1)
    concurrent-ruby (1.1.9)
    configatron (2.8.0)
      yamler (>= 0.1.0)
    diff-lcs (1.1.2)
    erubis (2.7.0)
    gemstub (2.0.4)
      activesupport (>= 3.0.0)
      genosaurus
      mark_facets
      rspec (>= 2.0.0)
    genosaurus (1.2.4)
      erubis
    hashie (1.0.0)
    i18n (0.9.5)
      concurrent-ruby (~> 1.0)
    mark_facets (0.2.0)
      hashie
    minitest (5.12.0)
    rake (0.9.2)
    rspec (2.6.0)
      rspec-core (~> 2.6.0)
      rspec-expectations (~> 2.6.0)
      rspec-mocks (~> 2.6.0)
    rspec-core (2.6.3)
    rspec-expectations (2.6.0)
      diff-lcs (~> 1.1.2)
    rspec-mocks (2.6.0)
    thread_safe (0.3.6)
    tzinfo (1.2.10)
      thread_safe (~> 0.1)
    yamler (0.1.0)

PLATFORMS
  ruby

DEPENDENCIES
  configatron
  gemstub (>= 2.0.0.pre)
  mark_facets
  rake
  rspec (>= 2.0.0.beta.19)
